GIT
  remote: https://github.com/flori/json.git
  revision: 7f4cfd853f2c919d854fb95548a19980feff17e8
  branch: v1.8
  specs:
    json (1.8.6)

GEM
  remote: https://rubygems.org/
  specs:
    mini_portile2 (2.4.0)
    nokogiri (1.10.8)
      mini_portile2 (~> 2.4.0)
    rack (2.2.3)
    rack-protection (2.0.5)
      rack

PLATFORMS
  ruby

DEPENDENCIES
  json!
  nokogiri (>= 1.10.4)
  rack-protection (~> 2.0.0)

BUNDLED WITH
   2.0.2
